GEM
  remote: https://rubygems.org/
  specs:
    cheatset (1.4.6)
      haml
      plist
      redcarpet
      rouge
      sanitize
      sqlite3
      thor
      unindent
    crass (1.0.6)
    haml (6.2.3)
      temple (>= 0.8.2)
      thor
      tilt
    nokogiri (1.16.5-arm64-darwin)
      racc (~> 1.4)
    nokogiri (1.16.5-x86_64-linux)
      racc (~> 1.4)
    plist (3.7.0)
    racc (1.7.3)
    redcarpet (3.6.0)
    rouge (4.1.3)
    sanitize (6.1.0)
      crass (~> 1.0.2)
      nokogiri (>= 1.12.0)
    sqlite3 (1.6.6-arm64-darwin)
    sqlite3 (1.6.6-x86_64-linux)
    temple (0.10.3)
    thor (1.2.2)
    tilt (2.3.0)
    unindent (1.0)

PLATFORMS
  arm64-darwin-22
  x86_64-linux

DEPENDENCIES
  cheatset (~> 1.4, = 1.4.6)

BUNDLED WITH
   2.4.20
