GEM
  remote: https://rubygems.org/
  specs:
    cheatset (1.4.6)
      haml
      plist
      redcarpet
      rouge
      sanitize
      sqlite3
      thor
      unindent
    crass (1.0.6)
    haml (5.2.2)
      temple (>= 0.8.0)
      tilt
    mini_portile2 (2.8.0)
    nokogiri (1.13.6)
      mini_portile2 (~> 2.8.0)
      racc (~> 1.4)
    plist (3.6.0)
    racc (1.6.0)
    redcarpet (3.5.1)
    rouge (3.27.0)
    sanitize (6.0.0)
      crass (~> 1.0.2)
      nokogiri (>= 1.12.0)
    sqlite3 (1.4.2)
    temple (0.8.2)
    thor (1.2.1)
    tilt (2.0.10)
    unindent (1.0)

PLATFORMS
  ruby

DEPENDENCIES
  cheatset (= 1.4.6)

BUNDLED WITH
   2.1.4
